GEM
  remote: https://rubygems.org/
  specs:
    artii (2.1.2)
    diff-lcs (1.5.0)
    mini_portile2 (2.1.0)
    nokogiri (1.6.8.1)
      mini_portile2 (~> 2.1.0)
    pastel (0.8.0)
      tty-color (~> 0.5)
    rspec (3.11.0)
      rspec-core (~> 3.11.0)
      rspec-expectations (~> 3.11.0)
      rspec-mocks (~> 3.11.0)
    rspec-core (3.11.0)
      rspec-support (~> 3.11.0)
    rspec-expectations (3.11.0)
      diff-lcs (>= 1.2.0, < 2.0)
      rspec-support (~> 3.11.0)
    rspec-mocks (3.11.1)
      diff-lcs (>= 1.2.0, < 2.0)
      rspec-support (~> 3.11.0)
    rspec-support (3.11.0)
    ru_bee (0.1.1)
    rword (1.1.1)
    strings-ansi (0.2.0)
    timeout (0.2.0)
    tty-color (0.6.0)
    tty-cursor (0.7.1)
    tty-progressbar (0.18.2)
      strings-ansi (~> 0.2)
      tty-cursor (~> 0.7)
      tty-screen (~> 0.8)
      unicode-display_width (>= 1.6, < 3.0)
    tty-prompt (0.23.1)
      pastel (~> 0.8)
      tty-reader (~> 0.8)
    tty-reader (0.9.0)
      tty-cursor (~> 0.7)
      tty-screen (~> 0.8)
      wisper (~> 2.0)
    tty-screen (0.8.1)
    unicode-display_width (2.1.0)
    wisper (2.0.1)
    word_wrap (1.0.0)

PLATFORMS
  x86_64-linux

DEPENDENCIES
  artii (~> 2.1)
  nokogiri (~> 1.6)
  pastel (~> 0.8.0)
  rspec (~> 3.11)
  ru_bee (~> 0.1.1)
  rword (~> 1.1)
  timeout (~> 0.2.0)
  tty-progressbar (~> 0.18.2)
  tty-prompt (~> 0.23.1)
  word_wrap (~> 1.0)

BUNDLED WITH
   2.3.10
